GIT
  remote: git://github.com/cavalle/eventwire.git
  revision: 594f8172831728d667b2c185c2eec6ac4c7d8f29
  specs:
    eventwire (0.0.1)

PATH
  remote: .
  specs:
    achievements (0.1)

GEM
  remote: http://rubygems.org/
  specs:
    diff-lcs (1.1.3)
    nest (1.1.2)
      redis
    ohm (1.2.0)
      nest (~> 1.0)
      redis
      scrivener (~> 0.0.3)
    rake (0.9.2.2)
    redis (3.0.1)
    rspec (2.11.0)
      rspec-core (~> 2.11.0)
      rspec-expectations (~> 2.11.0)
      rspec-mocks (~> 2.11.0)
    rspec-core (2.11.1)
    rspec-expectations (2.11.3)
      diff-lcs (~> 1.1.3)
    rspec-mocks (2.11.3)
    scrivener (0.0.3)

PLATFORMS
  ruby

DEPENDENCIES
  achievements!
  eventwire!
  ohm
  rake
  rspec
